GEM
  remote: https://rubygems.org/
  specs:
    coderay (1.1.1)
    congress (0.3.0)
      faraday (~> 0.9.0)
      faraday_middleware (~> 0.10.0)
      geocoder (~> 1.2)
      hashie (~> 3.0)
    docile (1.1.5)
    faraday (0.9.2)
      multipart-post (>= 1.2, < 3)
    faraday_middleware (0.10.0)
      faraday (>= 0.7.4, < 0.10)
    geocoder (1.3.7)
    hashie (3.4.4)
    json (2.0.2)
    method_source (0.8.2)
    minitest (5.9.0)
    multipart-post (2.0.0)
    pry (0.10.4)
      coderay (~> 1.1.0)
      method_source (~> 0.8.1)
      slop (~> 3.4)
    rake (11.2.2)
    simplecov (0.12.0)
      docile (~> 1.1.0)
      json (>= 1.8, < 3)
      simplecov-html (~> 0.10.0)
    simplecov-html (0.10.0)
    slop (3.6.0)
    terminal-table (1.7.0)
      unicode-display_width (~> 1.1)
    unicode-display_width (1.1.0)

PLATFORMS
  ruby

DEPENDENCIES
  congress
  minitest
  pry
  rake
  simplecov
  terminal-table

BUNDLED WITH
   1.12.5
